REDIRECTS: ON
FRAMEWORK: NET45
NUGET
  remote: https://www.nuget.org/api/v2
    Argu (3.2)
    AWSSDK.Core (3.3.18.1)
    AWSSDK.DynamoDBv2 (3.3.4.18)
      AWSSDK.Core (>= 3.3.18 < 3.4)
    AWSSDK.S3 (3.3.11.2)
      AWSSDK.Core (>= 3.3.18 < 3.4)
    AWSSDK.SQS (3.3.2.9)
      AWSSDK.Core (>= 3.3.18 < 3.4)
    FSharp.AWS.DynamoDB (0.7.0-beta)
      AWSSDK.DynamoDBv2 (>= 3.3.1)
      Unquote (>= 3.1.2)
    FSharp.Compiler.Tools (4.1.27)
    FSharp.Core (4.2.3)
    FsPickler (4.0.1)
      FSharp.Compiler.Tools
      FSharp.Core (>= 3.1)
    FsPickler.Json (4.0.1)
      FSharp.Compiler.Tools
      FSharp.Core (>= 3.1)
      FsPickler (4.0.1)
      Newtonsoft.Json (>= 6.0.5)
    MBrace.Core (1.5)
      FSharp.Core (>= 4.0.0.1)
    MBrace.Runtime (1.5)
      FsPickler (>= 4.0 < 5.0)
      FsPickler.Json
      MBrace.Core (1.5)
      Vagabond (>= 0.15 < 1.0)
    Microsoft.Owin (3.1.0) - version_in_path: true
      Owin (>= 1.0)
    Microsoft.Owin.Host.SystemWeb (3.1)
      Microsoft.Owin (>= 3.1)
      Owin (>= 1.0)
    Mono.Cecil (0.10.0-beta6)
    Newtonsoft.Json (10.0.3)
    Owin (1.0.0) - version_in_path: true
    Unquote (3.2)
    Vagabond (0.15)
      FsPickler (>= 4.0 < 5.0)
      Mono.Cecil (>= 0.10.0-beta6)

GROUP Build
REDIRECTS: ON
FRAMEWORK: NET45
NUGET
  remote: https://www.nuget.org/api/v2
    FAKE (4.63.2)
    NuGet.CommandLine (4.3)
    Octokit (0.27)
    SourceLink.Fake (1.1)
GITHUB
  remote: fsharp/FAKE
    modules/Octokit/Octokit.fsx (ddf45441759a2a7bc528b3b4c6f9a1edc7bd9f55)
      Octokit (>= 0.20)
GROUP Test
REDIRECTS: ON
FRAMEWORK: NET45
NUGET
  remote: https://www.nuget.org/api/v2
    FsCheck (2.10.3)
      FSharp.Core (>= 4.1)
    FSharp.Compiler.Service (16.0.2)
      System.Collections.Immutable (>= 1.3.1)
      System.Reflection.Metadata (>= 1.4.2)
    FSharp.Core (4.2.3)
    MathNet.Numerics (3.7.1)
    MathNet.Numerics.FSharp (3.7.1)
      FSharp.Core (>= 3.1.2.1)
      MathNet.Numerics (3.7.1)
    MathNet.Numerics.MKL.Win-x64 (1.8)
      MathNet.Numerics (>= 2.4)
    MBrace.Core (1.5)
      FSharp.Core (>= 4.0.0.1)
    MBrace.Flow (1.5)
      FSharp.Core (>= 4.0)
      MBrace.Core (1.5)
      Streams
    MBrace.Tests (1.5)
      FsCheck (>= 2.0.1)
      FSharp.Core (>= 4.1 < 5.0)
      MBrace.Core (1.5)
      MBrace.Flow (1.5)
      NUnit (>= 2.6 < 3.0)
      Unquote (>= 3.0 < 4.0)
    NUnit (2.6.4)
    NUnit.Runners (2.6.4)
    Streams (0.4.1)
    System.Collections.Immutable (1.4)
    System.Reflection.Metadata (1.5)
      System.Collections.Immutable (>= 1.4)
    Unquote (3.2)
